GEM
  remote: http://rubygems.org/
  remote: http://rubygems.torquebox.org/
  remote: http://gems.github.com/
  specs:
    actionmailer (2.3.8)
      actionpack (= 2.3.8)
    actionpack (2.3.8)
      activesupport (= 2.3.8)
      rack (~> 1.1.0)
    activerecord (2.3.8)
      activesupport (= 2.3.8)
    activerecord-jdbc-adapter (1.2.1)
    activerecord-jdbcpostgresql-adapter (1.2.1)
      activerecord-jdbc-adapter (~> 1.2.1)
      jdbc-postgres (~> 9.0.0)
    activeresource (2.3.8)
      activesupport (= 2.3.8)
    activesupport (2.3.8)
    bouncy-castle-java (1.5.0147)
    cgi_multipart_eof_fix (2.5.0)
    daemons (1.1.9)
    fastthread (1.0.7)
    gem_plugin (0.2.3)
    jdbc-postgres (9.0.801)
    jruby-openssl (0.8.8)
      bouncy-castle-java (>= 1.5.0147)
    mongrel (1.1.5)
      cgi_multipart_eof_fix (>= 2.4)
      daemons (>= 1.0.3)
      fastthread (>= 1.0.1)
      gem_plugin (>= 0.2.3)
    mongrel (1.1.5-java)
      gem_plugin (>= 0.2.3)
    rack (1.1.6)
    rails (2.3.8)
      actionmailer (= 2.3.8)
      actionpack (= 2.3.8)
      activerecord (= 2.3.8)
      activeresource (= 2.3.8)
      activesupport (= 2.3.8)
      rake (>= 0.8.3)
    rake (0.9.2)
    ruby-ole (1.2.11.7)
    spreadsheet (0.8.9)
      ruby-ole (>= 1.0)

PLATFORMS
  java

DEPENDENCIES
  activerecord-jdbc-adapter (= 1.2.1)
  activerecord-jdbcpostgresql-adapter (= 1.2.1)
  jdbc-postgres
  jruby-openssl
  mongrel
  rails (= 2.3.8)
  rake (= 0.9.2)
  ruby-ole
  spreadsheet
